GEM
  remote: https://www.rubygems.org/
  specs:
    kramdown (1.5.0)

PLATFORMS
  java

DEPENDENCIES
  kramdown (~> 1.5.0)
